GIT
  remote: git@github.com:jjfraz11/orientdb-jruby.git
  revision: 3a57d2e54c11a3fc7f77fb23f20968066ba19c04
  branch: master
  specs:
    orientdb (1.6.0-java)

GEM
  remote: https://rubygems.org/
  specs:
    activemodel (4.0.1)
      activesupport (= 4.0.1)
      builder (~> 3.1.0)
    activesupport (4.0.1)
      i18n (~> 0.6, >= 0.6.4)
      minitest (~> 4.2)
      multi_json (~> 1.3)
      thread_safe (~> 0.1)
      tzinfo (~> 0.3.37)
    atomic (1.1.14-java)
    builder (3.1.4)
    diff-lcs (1.2.1)
    i18n (0.6.5)
    jnunemaker-validatable (1.8.4)
      activesupport (>= 2.3.4)
    minitest (4.7.5)
    multi_json (1.8.2)
    rake (10.1.0)
    rspec (2.13.0)
      rspec-core (~> 2.13.0)
      rspec-expectations (~> 2.13.0)
      rspec-mocks (~> 2.13.0)
    rspec-core (2.13.1)
    rspec-expectations (2.13.0)
      diff-lcs (>= 1.1.3, < 2.0)
    rspec-mocks (2.13.0)
    thread_safe (0.1.3-java)
      atomic
    tzinfo (0.3.38)

PLATFORMS
  java

DEPENDENCIES
  activemodel (>= 3.0.3)
  jnunemaker-validatable (= 1.8.4)
  orientdb!
  rake
  rspec
